GEM
  remote: https://rubygems.org/
  specs:
    awesome_print (1.6.1)
    rack (1.6.4)

PLATFORMS
  ruby

DEPENDENCIES
  awesome_print
  rack

BUNDLED WITH
   1.10.6
